PATH
  remote: ../../../../../../Rails/Gems/delayed_job_recurring
  specs:
    delayed_job_recurring (0.3.7)
      delayed_job (>= 3.0)
      delayed_job_active_record

PATH
  remote: .
  specs:
    snip_snap_zap (0.1.0)
      delayed_job_recurring

GEM
  remote: https://rubygems.org/
  specs:
    activemodel (3.2.22.5)
      activesupport (= 3.2.22.5)
      builder (~> 3.0.0)
    activerecord (3.2.22.5)
      activemodel (= 3.2.22.5)
      activesupport (= 3.2.22.5)
      arel (~> 3.0.2)
      tzinfo (~> 0.3.29)
    activesupport (3.2.22.5)
      i18n (~> 0.6, >= 0.6.4)
      multi_json (~> 1.0)
    arel (3.0.3)
    builder (3.0.4)
    concurrent-ruby (1.0.5)
    delayed_job (4.1.4)
      activesupport (>= 3.0, < 5.2)
    delayed_job_active_record (4.1.2)
      activerecord (>= 3.0, < 5.2)
      delayed_job (>= 3.0, < 5)
    diff-lcs (1.3)
    i18n (0.9.3)
      concurrent-ruby (~> 1.0)
    multi_json (1.13.1)
    rake (10.5.0)
    rspec (3.7.0)
      rspec-core (~> 3.7.0)
      rspec-expectations (~> 3.7.0)
      rspec-mocks (~> 3.7.0)
    rspec-core (3.7.1)
      rspec-support (~> 3.7.0)
    rspec-expectations (3.7.0)
      diff-lcs (>= 1.2.0, < 2.0)
      rspec-support (~> 3.7.0)
    rspec-mocks (3.7.0)
      diff-lcs (>= 1.2.0, < 2.0)
      rspec-support (~> 3.7.0)
    rspec-support (3.7.0)
    tzinfo (0.3.53)

PLATFORMS
  ruby

DEPENDENCIES
  bundler (~> 1.16)
  delayed_job_recurring!
  rake (~> 10.0)
  rspec (~> 3.0)
  snip_snap_zap!

BUNDLED WITH
   1.16.1
